GIT
  remote: https://github.com/ruby/net-pop.git
  revision: e8d0afe2773b9eb6a23c39e9e437f6fc0fc7c733
  specs:
    net-pop (0.1.2)
      net-protocol

GIT
  remote: https://github.com/seuros/capistrano-puma.git
  revision: dd9b8b7653f8eebc6bf2c96804303169da7cede8
  specs:
    capistrano3-puma (6.0.0)
      capistrano (~> 3.7)
      capistrano-bundler
      puma (>= 5.1, < 7.0)

GEM
  remote: https://rubygems.org/
  specs:
    actioncable (8.0.0.1)
      actionpack (= 8.0.0.1)
      activesupport (= 8.0.0.1)
      nio4r (~> 2.0)
      websocket-driver (>= 0.6.1)
      zeitwerk (~> 2.6)
    actionmailbox (8.0.0.1)
      actionpack (= 8.0.0.1)
      activejob (= 8.0.0.1)
      activerecord (= 8.0.0.1)
      activestorage (= 8.0.0.1)
      activesupport (= 8.0.0.1)
      mail (>= 2.8.0)
    actionmailer (8.0.0.1)
      actionpack (= 8.0.0.1)
      actionview (= 8.0.0.1)
      activejob (= 8.0.0.1)
      activesupport (= 8.0.0.1)
      mail (>= 2.8.0)
      rails-dom-testing (~> 2.2)
    actionpack (8.0.0.1)
      actionview (= 8.0.0.1)
      activesupport (= 8.0.0.1)
      nokogiri (>= 1.8.5)
      rack (>= 2.2.4)
      rack-session (>= 1.0.1)
      rack-test (>= 0.6.3)
      rails-dom-testing (~> 2.2)
      rails-html-sanitizer (~> 1.6)
      useragent (~> 0.16)
    actiontext (8.0.0.1)
      actionpack (= 8.0.0.1)
      activerecord (= 8.0.0.1)
      activestorage (= 8.0.0.1)
      activesupport (= 8.0.0.1)
      globalid (>= 0.6.0)
      nokogiri (>= 1.8.5)
    actionview (8.0.0.1)
      activesupport (= 8.0.0.1)
      builder (~> 3.1)
      erubi (~> 1.11)
      rails-dom-testing (~> 2.2)
      rails-html-sanitizer (~> 1.6)
    activejob (8.0.0.1)
      activesupport (= 8.0.0.1)
      globalid (>= 0.3.6)
    activemodel (8.0.0.1)
      activesupport (= 8.0.0.1)
    activerecord (8.0.0.1)
      activemodel (= 8.0.0.1)
      activesupport (= 8.0.0.1)
      timeout (>= 0.4.0)
    activestorage (8.0.0.1)
      actionpack (= 8.0.0.1)
      activejob (= 8.0.0.1)
      activerecord (= 8.0.0.1)
      activesupport (= 8.0.0.1)
      marcel (~> 1.0)
    activesupport (8.0.0.1)
      base64
      benchmark (>= 0.3)
      bigdecimal
      concurrent-ruby (~> 1.0, >= 1.3.1)
      connection_pool (>= 2.2.5)
      drb
      i18n (>= 1.6, < 2)
      logger (>= 1.4.2)
      minitest (>= 5.1)
      securerandom (>= 0.3)
      tzinfo (~> 2.0, >= 2.0.5)
      uri (>= 0.13.1)
    addressable (2.8.7)
      public_suffix (>= 2.0.2, < 7.0)
    airbrussh (1.5.3)
      sshkit (>= 1.6.1, != 1.7.0)
    ast (2.4.2)
    base64 (0.2.0)
    benchmark (0.4.0)
    bigdecimal (3.1.9)
    bindex (0.8.1)
    bootsnap (1.18.4)
      msgpack (~> 1.2)
    brakeman (7.0.0)
      racc
    builder (3.3.0)
    bundler-audit (0.9.2)
      bundler (>= 1.2.0, < 3)
      thor (~> 1.0)
    capistrano (3.19.2)
      airbrussh (>= 1.0.0)
      i18n
      rake (>= 10.0.0)
      sshkit (>= 1.9.0)
    capistrano-bundler (2.1.1)
      capistrano (~> 3.1)
    capistrano-passenger (0.2.1)
      capistrano (~> 3.0)
    capistrano-rails (1.7.0)
      capistrano (~> 3.1)
      capistrano-bundler (>= 1.1, < 3)
    capistrano-rbenv (2.2.0)
      capistrano (~> 3.1)
      sshkit (~> 1.3)
    capybara (3.40.0)
      addressable
      matrix
      mini_mime (>= 0.1.3)
      nokogiri (~> 1.11)
      rack (>= 1.6.0)
      rack-test (>= 0.6.3)
      regexp_parser (>= 1.5, < 3.0)
      xpath (~> 3.2)
    coderay (1.1.3)
    concurrent-ruby (1.3.5)
    connection_pool (2.5.0)
    crack (1.0.0)
      bigdecimal
      rexml
    crass (1.0.6)
    csv (3.3.2)
    date (3.4.1)
    debug (1.10.0)
      irb (~> 1.10)
      reline (>= 0.3.8)
    diff-lcs (1.6.0)
    docile (1.4.1)
    domain_name (0.6.20240107)
    drb (2.2.1)
    erubi (1.13.1)
    et-orbi (1.2.11)
      tzinfo
    factory_bot (6.5.1)
      activesupport (>= 6.1.0)
    factory_bot_rails (6.4.4)
      factory_bot (~> 6.5)
      railties (>= 5.0.0)
    faker (3.5.1)
      i18n (>= 1.8.11, < 2)
    fugit (1.11.1)
      et-orbi (~> 1, >= 1.2.11)
      raabro (~> 1.4)
    fuzzy_match (2.1.0)
    geocoder (1.8.5)
      base64 (>= 0.1.0)
      csv (>= 3.0.0)
    globalid (1.2.1)
      activesupport (>= 6.1)
    hashdiff (1.1.2)
    http-accept (1.7.0)
    http-cookie (1.0.8)
      domain_name (~> 0.5)
    i18n (1.14.7)
      concurrent-ruby (~> 1.0)
    importmap-rails (2.1.0)
      actionpack (>= 6.0.0)
      activesupport (>= 6.0.0)
      railties (>= 6.0.0)
    io-console (0.8.0)
    irb (1.15.1)
      pp (>= 0.6.0)
      rdoc (>= 4.0.0)
      reline (>= 0.4.2)
    jbuilder (2.13.0)
      actionview (>= 5.0.0)
      activesupport (>= 5.0.0)
    json (2.10.2)
    language_server-protocol (3.17.0.4)
    lint_roller (1.1.0)
    logger (1.6.6)
    loofah (2.24.0)
      crass (~> 1.0.2)
      nokogiri (>= 1.12.0)
    mail (2.8.1)
      mini_mime (>= 0.1.1)
      net-imap
      net-pop
      net-smtp
    marcel (1.0.4)
    matrix (0.4.2)
    method_source (1.1.0)
    mime-types (3.6.0)
      logger
      mime-types-data (~> 3.2015)
    mime-types-data (3.2025.0304)
    mini_mime (1.1.5)
    minitest (5.25.5)
    msgpack (1.8.0)
    net-imap (0.5.6)
      date
      net-protocol
    net-protocol (0.2.2)
      timeout
    net-scp (4.1.0)
      net-ssh (>= 2.6.5, < 8.0.0)
    net-sftp (4.0.0)
      net-ssh (>= 5.0.0, < 8.0.0)
    net-smtp (0.5.1)
      net-protocol
    net-ssh (7.3.0)
    netrc (0.11.0)
    nio4r (2.7.4)
    nokogiri (1.18.4-x86_64-linux-gnu)
      racc (~> 1.4)
    ostruct (0.6.1)
    parallel (1.26.3)
    parser (3.3.7.1)
      ast (~> 2.4.1)
      racc
    passenger (6.0.26)
      rack (>= 1.6.13)
      rackup (>= 2.0.0)
      rake (>= 12.3.3)
    pg (1.5.9)
    pp (0.6.2)
      prettyprint
    prettyprint (0.2.0)
    pry (0.15.2)
      coderay (~> 1.1)
      method_source (~> 1.0)
    psych (5.2.3)
      date
      stringio
    public_suffix (6.0.1)
    puma (6.6.0)
      nio4r (~> 2.0)
    raabro (1.4.0)
    racc (1.8.1)
    rack (3.1.12)
    rack-session (2.1.0)
      base64 (>= 0.1.0)
      rack (>= 3.0.0)
    rack-test (2.2.0)
      rack (>= 1.3)
    rackup (2.2.1)
      rack (>= 3)
    rails (8.0.0.1)
      actioncable (= 8.0.0.1)
      actionmailbox (= 8.0.0.1)
      actionmailer (= 8.0.0.1)
      actionpack (= 8.0.0.1)
      actiontext (= 8.0.0.1)
      actionview (= 8.0.0.1)
      activejob (= 8.0.0.1)
      activemodel (= 8.0.0.1)
      activerecord (= 8.0.0.1)
      activestorage (= 8.0.0.1)
      activesupport (= 8.0.0.1)
      bundler (>= 1.15.0)
      railties (= 8.0.0.1)
    rails-dom-testing (2.2.0)
      activesupport (>= 5.0.0)
      minitest
      nokogiri (>= 1.6)
    rails-html-sanitizer (1.6.2)
      loofah (~> 2.21)
      nokogiri (>= 1.15.7, != 1.16.7, != 1.16.6, != 1.16.5, != 1.16.4, != 1.16.3, != 1.16.2, != 1.16.1, != 1.16.0.rc1, != 1.16.0)
    railties (8.0.0.1)
      actionpack (= 8.0.0.1)
      activesupport (= 8.0.0.1)
      irb (~> 1.13)
      rackup (>= 1.0.0)
      rake (>= 12.2)
      thor (~> 1.0, >= 1.2.2)
      zeitwerk (~> 2.6)
    rainbow (3.1.1)
    rake (13.2.1)
    rdoc (6.12.0)
      psych (>= 4.0.0)
    regexp_parser (2.10.0)
    reline (0.6.0)
      io-console (~> 0.5)
    rest-client (2.1.0)
      http-accept (>= 1.7.0, < 2.0)
      http-cookie (>= 1.0.2, < 2.0)
      mime-types (>= 1.16, < 4.0)
      netrc (~> 0.8)
    rexml (3.4.1)
    rspec (3.13.0)
      rspec-core (~> 3.13.0)
      rspec-expectations (~> 3.13.0)
      rspec-mocks (~> 3.13.0)
    rspec-core (3.13.3)
      rspec-support (~> 3.13.0)
    rspec-expectations (3.13.3)
      diff-lcs (>= 1.2.0, < 2.0)
      rspec-support (~> 3.13.0)
    rspec-mocks (3.13.2)
      diff-lcs (>= 1.2.0, < 2.0)
      rspec-support (~> 3.13.0)
    rspec-rails (7.1.1)
      actionpack (>= 7.0)
      activesupport (>= 7.0)
      railties (>= 7.0)
      rspec-core (~> 3.13)
      rspec-expectations (~> 3.13)
      rspec-mocks (~> 3.13)
      rspec-support (~> 3.13)
    rspec-support (3.13.2)
    rubocop (1.74.0)
      json (~> 2.3)
      language_server-protocol (~> 3.17.0.2)
      lint_roller (~> 1.1.0)
      parallel (~> 1.10)
      parser (>= 3.3.0.2)
      rainbow (>= 2.2.2, < 4.0)
      regexp_parser (>= 2.9.3, < 3.0)
      rubocop-ast (>= 1.38.0, < 2.0)
      ruby-progressbar (~> 1.7)
      unicode-display_width (>= 2.4.0, < 4.0)
    rubocop-ast (1.39.0)
      parser (>= 3.3.1.0)
    rubocop-rspec (3.5.0)
      lint_roller (~> 1.1)
      rubocop (~> 1.72, >= 1.72.1)
    ruby-progressbar (1.13.0)
    rubyzip (2.4.1)
    securerandom (0.4.1)
    selenium-webdriver (4.29.1)
      base64 (~> 0.2)
      logger (~> 1.4)
      rexml (~> 3.2, >= 3.2.5)
      rubyzip (>= 1.2.2, < 3.0)
      websocket (~> 1.0)
    shadcn-ui (0.0.15)
      tailwind_merge (~> 0.12)
    shoulda-matchers (6.4.0)
      activesupport (>= 5.2.0)
    simplecov (0.22.0)
      docile (~> 1.1)
      simplecov-html (~> 0.11)
      simplecov_json_formatter (~> 0.1)
    simplecov-cobertura (2.1.0)
      rexml
      simplecov (~> 0.19)
    simplecov-html (0.13.1)
    simplecov_json_formatter (0.1.4)
    sin_lru_redux (2.5.2)
    solid_queue (1.1.4)
      activejob (>= 7.1)
      activerecord (>= 7.1)
      concurrent-ruby (>= 1.3.1)
      fugit (~> 1.11.0)
      railties (>= 7.1)
      thor (~> 1.3.1)
    sprockets (4.2.1)
      concurrent-ruby (~> 1.0)
      rack (>= 2.2.4, < 4)
    sprockets-rails (3.5.2)
      actionpack (>= 6.1)
      activesupport (>= 6.1)
      sprockets (>= 3.0.0)
    sshkit (1.24.0)
      base64
      logger
      net-scp (>= 1.1.2)
      net-sftp (>= 2.1.2)
      net-ssh (>= 2.8.0)
      ostruct
    stimulus-rails (1.3.4)
      railties (>= 6.0.0)
    stringio (3.1.5)
    strong_migrations (2.2.0)
      activerecord (>= 7)
    tailwind_merge (0.16.0)
      sin_lru_redux (~> 2.5)
    tailwindcss-rails (2.7.9-x86_64-linux)
      railties (>= 7.0.0)
    thor (1.3.2)
    timecop (0.9.10)
    timeout (0.4.3)
    turbo-rails (2.0.13)
      actionpack (>= 7.1.0)
      railties (>= 7.1.0)
    tzinfo (2.0.6)
      concurrent-ruby (~> 1.0)
    unicode-display_width (3.1.4)
      unicode-emoji (~> 4.0, >= 4.0.4)
    unicode-emoji (4.0.4)
    uri (1.0.3)
    useragent (0.16.11)
    web-console (4.2.1)
      actionview (>= 6.0.0)
      activemodel (>= 6.0.0)
      bindex (>= 0.4.0)
      railties (>= 6.0.0)
    webmock (3.25.1)
      addressable (>= 2.8.0)
      crack (>= 0.3.2)
      hashdiff (>= 0.4.0, < 2.0.0)
    webrick (1.9.1)
    websocket (1.2.11)
    websocket-driver (0.7.7)
      base64
      websocket-extensions (>= 0.1.0)
    websocket-extensions (0.1.5)
    xpath (3.2.0)
      nokogiri (~> 1.8)
    zeitwerk (2.7.2)

PLATFORMS
  x86_64-linux

DEPENDENCIES
  bootsnap
  brakeman
  bundler-audit
  capistrano
  capistrano-bundler
  capistrano-passenger
  capistrano-rails
  capistrano-rbenv
  capistrano3-puma!
  capybara
  debug
  factory_bot_rails
  faker
  fugit
  fuzzy_match
  geocoder
  importmap-rails
  jbuilder
  net-pop!
  nokogiri
  passenger
  pg
  pry
  puma
  rack
  rails (= 8.0.0.1)
  rdoc
  rest-client
  rexml
  rspec
  rspec-rails
  rubocop
  rubocop-rspec
  selenium-webdriver
  shadcn-ui (~> 0.0.15)
  shoulda-matchers (~> 6.0)
  simplecov
  simplecov-cobertura
  solid_queue
  sprockets-rails
  stimulus-rails
  strong_migrations
  tailwindcss-rails (~> 2.7)
  timecop
  turbo-rails
  tzinfo-data
  web-console
  webmock
  webrick

RUBY VERSION
   ruby 3.4.1p0

BUNDLED WITH
   2.5.3
